PATH
  remote: .
  specs:
    gemoji (3.0.1)

GEM
  remote: https://rubygems.org/
  specs:
    minitest (5.14.3)
    rake (13.0.3)

PLATFORMS
  ruby

DEPENDENCIES
  gemoji!
  minitest
  rake

BUNDLED WITH
   2.1.4
